GEM
  remote: http://rubygems.org/
  specs:
    eventmachine (0.12.10)
    json_pure (1.4.6)
    rack (1.2.1)
    therubyracer (0.8.0)
    thor (0.14.3)

PLATFORMS
  ruby

DEPENDENCIES
  eventmachine (= 0.12.10)
  json_pure (= 1.4.6)
  rack (= 1.2.1)
  therubyracer (= 0.8.0)
  thor (= 0.14.3)
